GEM
  remote: https://rubygems.org/
  specs:
    actionmailer (3.2.12)
      actionpack (= 3.2.12)
      mail (~> 2.4.4)
    actionpack (3.2.12)
      activemodel (= 3.2.12)
      activesupport (= 3.2.12)
      builder (~> 3.0.0)
      erubis (~> 2.7.0)
      journey (~> 1.0.4)
      rack (~> 1.4.5)
      rack-cache (~> 1.2)
      rack-test (~> 0.6.1)
      sprockets (~> 2.2.1)
    activemodel (3.2.12)
      activesupport (= 3.2.12)
      builder (~> 3.0.0)
    activerecord (3.2.12)
      activemodel (= 3.2.12)
      activesupport (= 3.2.12)
      arel (~> 3.0.2)
      tzinfo (~> 0.3.29)
    activeresource (3.2.12)
      activemodel (= 3.2.12)
      activesupport (= 3.2.12)
    activesupport (3.2.12)
      i18n (~> 0.6)
      multi_json (~> 1.0)
    arel (3.0.2)
    bcrypt-ruby (3.0.1)
    better_errors (0.9.0)
      coderay (>= 1.0.0)
      erubis (>= 2.6.6)
    binding_of_caller (0.7.1)
      debug_inspector (>= 0.0.1)
    builder (3.0.4)
    cancan (1.6.10)
    capistrano (3.0.0)
      i18n
      rake (>= 10.0.0)
      sshkit (>= 0.0.23)
    capistrano-bundler (1.0.0)
      capistrano (>= 3.0.0.pre)
    capistrano-rails (1.0.0)
      capistrano
    chunky_png (1.2.7)
    coderay (1.0.9)
    coffee-rails (3.2.2)
      coffee-script (>= 2.2.0)
      railties (~> 3.2.0)
    coffee-script (2.2.0)
      coffee-script-source
      execjs
    coffee-script-source (1.6.2)
    commonjs (0.2.6)
    compass (0.12.2)
      chunky_png (~> 1.2)
      fssm (>= 0.2.7)
      sass (~> 3.1)
    compass-colors (0.9.0)
      compass (>= 0.8.7)
    compass-rails (1.0.3)
      compass (>= 0.12.2, < 0.14)
    country_select (1.1.3)
    debug_inspector (0.0.2)
    devise (2.2.3)
      bcrypt-ruby (~> 3.0)
      orm_adapter (~> 0.1)
      railties (~> 3.1)
      warden (~> 1.2.1)
    erb2haml (0.1.4)
      haml
      hpricot
      ruby_parser
    erubis (2.7.0)
    execjs (1.4.0)
      multi_json (~> 1.0)
    font-awesome-rails (3.0.2.0)
      railties (>= 3.1)
    fssm (0.2.10)
    haml (4.0.0)
      tilt
    haml-rails (0.4)
      actionpack (>= 3.1, < 4.1)
      activesupport (>= 3.1, < 4.1)
      haml (>= 3.1, < 4.1)
      railties (>= 3.1, < 4.1)
    hike (1.2.2)
    hpricot (0.8.6)
    html2haml (1.0.1)
      erubis (~> 2.7.0)
      haml (>= 4.0.0.rc.1)
      hpricot (~> 0.8.6)
      ruby_parser (~> 3.1.1)
    i18n (0.6.4)
    journey (1.0.4)
    jquery-rails (2.2.1)
      railties (>= 3.0, < 5.0)
      thor (>= 0.14, < 2.0)
    json (1.8.0)
    kaminari (0.14.1)
      actionpack (>= 3.0.0)
      activesupport (>= 3.0.0)
    kgio (2.8.1)
    less (2.3.1)
      commonjs (~> 0.2.6)
    less-rails (2.3.2)
      actionpack (>= 3.1)
      less (~> 2.3.1)
    libv8 (3.11.8.13)
    mail (2.4.4)
      i18n (>= 0.4.0)
      mime-types (~> 1.16)
      treetop (~> 1.4.8)
    mime-types (1.23)
    multi_json (1.7.4)
    mysql2 (0.3.11)
    net-scp (1.1.2)
      net-ssh (>= 2.6.5)
    net-ssh (2.7.0)
    newrelic_rpm (3.6.9.171)
    orm_adapter (0.4.0)
    polyglot (0.3.3)
    rack (1.4.5)
    rack-cache (1.2)
      rack (>= 0.4)
    rack-mini-profiler (0.9.1)
      rack (>= 1.1.3)
    rack-ssl (1.3.3)
      rack
    rack-test (0.6.2)
      rack (>= 1.0)
    rails (3.2.12)
      actionmailer (= 3.2.12)
      actionpack (= 3.2.12)
      activerecord (= 3.2.12)
      activeresource (= 3.2.12)
      activesupport (= 3.2.12)
      bundler (~> 1.0)
      railties (= 3.2.12)
    rails-footnotes (3.7.9)
      rails (>= 3.0.0)
    rails_config (0.3.2)
      activesupport (>= 3.0)
    railties (3.2.12)
      actionpack (= 3.2.12)
      activesupport (= 3.2.12)
      rack-ssl (~> 1.3.2)
      rake (>= 0.8.7)
      rdoc (~> 3.4)
      thor (>= 0.14.6, < 2.0)
    raindrops (0.12.0)
    rake (10.0.4)
    rdoc (3.12.2)
      json (~> 1.4)
    ref (1.0.2)
    rmagick (2.13.2)
    ruby_parser (3.1.1)
      sexp_processor (~> 4.1)
    sass (3.2.9)
    sass-rails (3.2.6)
      railties (~> 3.2.0)
      sass (>= 3.1.10)
      tilt (~> 1.3)
    sassy-buttons (0.1.4)
      compass (>= 0.12.2)
      sass (>= 3.2.0)
    sexp_processor (4.1.5)
    simple_form (2.1.0)
      actionpack (~> 3.0)
      activemodel (~> 3.0)
    sprockets (2.2.2)
      hike (~> 1.2)
      multi_json (~> 1.0)
      rack (~> 1.0)
      tilt (~> 1.1, != 1.3.0)
    sqlite3 (1.3.7)
    sshkit (1.1.0)
      net-scp
      net-ssh
      term-ansicolor
    term-ansicolor (1.2.2)
      tins (~> 0.8)
    therubyracer (0.11.0beta8)
      ref
    thor (0.18.1)
    tilt (1.4.1)
    timeliness (0.3.7)
    tins (0.12.0)
    treetop (1.4.12)
      polyglot
      polyglot (>= 0.3.1)
    twitter-bootstrap-rails (2.2.6)
      actionpack (>= 3.1)
      execjs
      railties (>= 3.1)
    tzinfo (0.3.37)
    uglifier (2.1.0)
      execjs (>= 0.3.0)
      multi_json (~> 1.0, >= 1.0.2)
    unicorn (4.6.3)
      kgio (~> 2.6)
      rack
      raindrops (~> 0.7)
    validates_timeliness (3.0.14)
      timeliness (~> 0.3.6)
    warden (1.2.1)
      rack (>= 1.0)
    zurui-sass-rails (0.0.2)
      railties (>= 3.1)

PLATFORMS
  ruby

DEPENDENCIES
  better_errors
  binding_of_caller
  cancan
  capistrano
  capistrano-bundler
  capistrano-rails
  coffee-rails (~> 3.2.1)
  compass-colors
  compass-rails
  country_select
  devise
  erb2haml
  execjs
  font-awesome-rails
  haml
  haml-rails
  html2haml
  jquery-rails
  kaminari
  less-rails
  libv8 (~> 3.11.8.4)
  mysql2
  newrelic_rpm
  rack-mini-profiler
  rails (= 3.2.12)
  rails-footnotes (>= 3.7.9)
  rails_config
  rmagick (~> 2.13.1)
  sass-rails (~> 3.2.3)
  sassy-buttons
  simple_form
  sqlite3
  therubyracer (= 0.11.0beta8)
  twitter-bootstrap-rails
  uglifier (>= 1.0.3)
  unicorn
  validates_timeliness (~> 3.0)
  zurui-sass-rails
